GEM
  remote: https://rubygems.org/
  specs:
    actionmailer (2.3.2)
      actionpack (= 2.3.2)
    actionpack (2.3.2)
      activesupport (= 2.3.2)
    activerecord (2.3.2)
      activesupport (= 2.3.2)
    activeresource (2.3.2)
      activesupport (= 2.3.2)
    activesupport (2.3.2)
    ast (2.0.0)
    astrolabe (1.3.0)
      parser (>= 2.2.0.pre.3, < 3.0)
    celluloid (0.16.0)
      timers (~> 4.0.0)
    coderay (1.1.0)
    daemons (1.1.9)
    docile (1.1.5)
    eventmachine (1.0.3)
    ffi (1.9.3)
    formatador (0.2.5)
    guard (2.6.1)
      formatador (>= 0.2.4)
      listen (~> 2.7)
      lumberjack (~> 1.0)
      pry (>= 0.9.12)
      thor (>= 0.18.1)
    guard-bundler (2.0.0)
      bundler (~> 1.0)
      guard (~> 2.2)
    guard-minitest (1.3.1)
      guard (>= 1.8)
      minitest (>= 2.1)
    guard-rubocop (1.1.0)
      guard (~> 2.0)
      rubocop (~> 0.20)
    hitimes (1.2.2)
    listen (2.7.9)
      celluloid (>= 0.15.2)
      rb-fsevent (>= 0.9.3)
      rb-inotify (>= 0.9)
    lumberjack (1.0.9)
    method_source (0.8.2)
    minitest (2.12.1)
    minitest-colorize (0.0.5)
      minitest (>= 2.0)
    minitest-context (0.4.0)
      minitest (~> 2.5)
    minitest-documentation (0.0.2)
      minitest
    multi_json (1.10.1)
    parser (2.2.0.pre.4)
      ast (>= 1.1, < 3.0)
      slop (~> 3.4, >= 3.4.5)
    pg (0.17.1)
    powerpack (0.0.9)
    pry (0.10.1)
      coderay (~> 1.1.0)
      method_source (~> 0.8.1)
      slop (~> 3.4)
    rack (1.5.2)
    rack-protection (1.5.3)
      rack
    rails (2.3.2)
      actionmailer (= 2.3.2)
      actionpack (= 2.3.2)
      activerecord (= 2.3.2)
      activeresource (= 2.3.2)
      activesupport (= 2.3.2)
      rake (>= 0.8.3)
    rainbow (2.0.0)
    rake (10.3.2)
    rb-fsevent (0.9.4)
    rb-inotify (0.9.5)
      ffi (>= 0.5.0)
    redcarpet (3.1.2)
    rerun (0.10.0)
      listen (~> 2.7, >= 2.7.3)
    rubocop (0.26.0)
      astrolabe (~> 1.3)
      parser (>= 2.2.0.pre.4, < 3.0)
      powerpack (~> 0.0.6)
      rainbow (>= 1.99.1, < 3.0)
      ruby-progressbar (~> 1.4)
    ruby-progressbar (1.5.1)
    simplecov (0.9.0)
      docile (~> 1.1.0)
      multi_json
      simplecov-html (~> 0.8.0)
    simplecov-html (0.8.0)
    sinatra (1.4.5)
      rack (~> 1.4)
      rack-protection (~> 1.4)
      tilt (~> 1.3, >= 1.3.4)
    slop (3.6.0)
    thin (1.6.2)
      daemons (>= 1.0.9)
      eventmachine (>= 1.0.0)
      rack (>= 1.0.0)
    thor (0.19.1)
    tilt (1.4.1)
    timers (4.0.1)
      hitimes

PLATFORMS
  ruby

DEPENDENCIES
  guard
  guard-bundler
  guard-minitest
  guard-rubocop
  minitest
  minitest-colorize
  minitest-context
  minitest-documentation
  pg
  pry
  rails
  redcarpet
  rerun
  rubocop
  simplecov
  sinatra
  thin
